GEM
  remote: https://rubygems.org/
  specs:
    levenshtein (0.2.2)

PLATFORMS
  ruby
  x86_64-linux-gnu

DEPENDENCIES
  levenshtein (~> 0.2.2)

BUNDLED WITH
   2.7.2
